GEM
  remote: https://rubygems.org/
  specs:
    activemodel (5.1.1)
      activesupport (= 5.1.1)
    activerecord (5.1.1)
      activemodel (= 5.1.1)
      activesupport (= 5.1.1)
      arel (~> 8.0)
    activesupport (5.1.1)
      concurrent-ruby (~> 1.0, >= 1.0.2)
      i18n (~> 0.7)
      minitest (~> 5.1)
      tzinfo (~> 1.1)
    arel (8.0.0)
    backports (3.8.0)
    builder (3.2.3)
    byebug (9.0.6)
    childprocess (0.7.0)
      ffi (~> 1.0, >= 1.0.11)
    coderay (1.1.1)
    concurrent-ruby (1.0.5)
    cucumber (2.4.0)
      builder (>= 2.1.2)
      cucumber-core (~> 1.5.0)
      cucumber-wire (~> 0.0.1)
      diff-lcs (>= 1.1.3)
      gherkin (~> 4.0)
      multi_json (>= 1.7.5, < 2.0)
      multi_test (>= 0.1.2)
    cucumber-core (1.5.0)
      gherkin (~> 4.0)
    cucumber-wire (0.0.1)
    diff-lcs (1.3)
    faraday (0.12.1)
      multipart-post (>= 1.2, < 3)
    faraday_middleware (0.11.0.1)
      faraday (>= 0.7.4, < 1.0)
    ffi (1.9.18)
    gherkin (4.1.3)
    gli (2.16.0)
    hashie (3.5.5)
    i18n (0.8.4)
    json (2.1.0)
    method_source (0.8.2)
    minitest (5.10.2)
    multi_json (1.12.1)
    multi_test (0.1.2)
    multipart-post (2.0.0)
    mustermann (1.0.0)
    pry (0.10.4)
      coderay (~> 1.1.0)
      method_source (~> 0.8.1)
      slop (~> 3.4)
    pry-byebug (3.4.2)
      byebug (~> 9.0)
      pry (~> 0.10)
    rack (2.0.3)
    rack-protection (2.0.0)
      rack
    rake (12.0.0)
    rubyzip (1.2.1)
    selenium-webdriver (3.4.3)
      childprocess (~> 0.5)
      rubyzip (~> 1.0)
    sinatra (2.0.0)
      mustermann (~> 1.0)
      rack (~> 2.0)
      rack-protection (= 2.0.0)
      tilt (~> 2.0)
    sinatra-activerecord (2.0.13)
      activerecord (>= 3.2)
      sinatra (>= 1.0)
    sinatra-contrib (2.0.0)
      backports (>= 2.0)
      multi_json
      mustermann (~> 1.0)
      rack-protection (= 2.0.0)
      sinatra (= 2.0.0)
      tilt (>= 1.3, < 3)
    slack-ruby-client (0.8.1)
      activesupport
      faraday (>= 0.9)
      faraday_middleware
      gli
      hashie
      json
      websocket-driver
    slop (3.6.0)
    sqlite3 (1.3.13)
    thread_safe (0.3.6)
    tilt (2.0.7)
    tzinfo (1.2.3)
      thread_safe (~> 0.1)
    websocket-driver (0.6.5)
      websocket-extensions (>= 0.1.0)
    websocket-extensions (0.1.2)

PLATFORMS
  ruby

DEPENDENCIES
  activerecord
  cucumber
  pry
  pry-byebug
  rake
  selenium-webdriver
  sinatra
  sinatra-activerecord
  sinatra-contrib
  slack-ruby-client
  sqlite3

BUNDLED WITH
   1.15.1
